PATH
  remote: .
  specs:
    dropbox-folder-sync (0.0.1)

GEM
  remote: https://rubygems.org/
  specs:

PLATFORMS
  ruby

DEPENDENCIES
  dropbox-folder-sync!
