PATH
  remote: .
  specs:
    dropbox-folder-sync (0.0.2)

GEM
  remote: https://rubygems.org/
  specs:
    addressable (2.2.7)
    dropbox-sdk (1.3)
      json
    json (1.6.6)
    keystorage (0.4.7)
    launchy (2.1.0)
      addressable (~> 2.2.6)
    rake (0.9.2.2)
    thor (0.14.6)

PLATFORMS
  ruby

DEPENDENCIES
  dropbox-folder-sync!
  dropbox-sdk
  keystorage
  launchy
  rake
  thor
